GEM
  remote: https://rubygems.org/
  specs:
    gpgme (2.0.12)
      mini_portile2 (~> 2.1.0)
    hiera-eyaml (2.1.0)
      highline (~> 1.6.19)
      trollop (~> 2.0)
    hiera-eyaml-gpg (0.6)
      hiera-eyaml (>= 1.3.8)
    highline (1.6.21)
    mini_portile2 (2.1.0)
    trollop (2.1.2)

PLATFORMS
  ruby

DEPENDENCIES
  gpgme
  hiera-eyaml
  hiera-eyaml-gpg
  mini_portile2

BUNDLED WITH
   1.12.5
